GEM
  remote: http://rubygems.org/
  specs:
    builder (3.1.4)
    childprocess (0.3.8)
      ffi (~> 1.0, >= 1.0.11)
    ci_reporter (1.7.3)
      builder (>= 2.1.2)
    diff-lcs (1.1.3)
    ffi (1.3.1-x86-mingw32)
    json (1.7.6)
    json_pure (1.6.7)
    multi_json (1.5.0)
    rspec (2.12.0)
      rspec-core (~> 2.12.0)
      rspec-expectations (~> 2.12.0)
      rspec-mocks (~> 2.12.0)
    rspec-core (2.12.2)
    rspec-expectations (2.12.1)
      diff-lcs (~> 1.1.3)
    rspec-mocks (2.12.2)
    rubyzip (0.9.9)
    selenium-webdriver (2.29.0)
      childprocess (>= 0.2.5)
      multi_json (~> 1.0)
      rubyzip
      websocket (~> 1.0.4)
    test-unit (2.5.4)
    websocket (1.0.7)

PLATFORMS
  x86-mingw32

DEPENDENCIES
  ci_reporter (~> 1.7.0)
  json
  json_pure (~> 1.6.1)
  rspec
  selenium-webdriver
  test-unit
